GEM
  remote: https://rubygems.org/
  specs:
    aescrypt (1.0.0)

PLATFORMS
  ruby

DEPENDENCIES
  aescrypt
